PATH
  remote: .
  specs:
    rails2_asset_pipeline (0.2.0)
      sprockets

GEM
  remote: http://rubygems.org/
  specs:
    bump (0.3.9)
    diff-lcs (1.1.3)
    hike (1.2.1)
    json (1.7.3)
    multi_json (1.5.0)
    rack (1.4.3)
    rake (0.9.2)
    rspec (2.12.0)
      rspec-core (~> 2.12.0)
      rspec-expectations (~> 2.12.0)
      rspec-mocks (~> 2.12.0)
    rspec-core (2.12.2)
    rspec-expectations (2.12.1)
      diff-lcs (~> 1.1.3)
    rspec-mocks (2.12.1)
    sprockets (2.4.3)
      hike (~> 1.2)
      multi_json (~> 1.0)
      rack (~> 1.0)
      tilt (~> 1.1, != 1.3.0)
    tilt (1.3.3)

PLATFORMS
  ruby

DEPENDENCIES
  bump
  json
  rails2_asset_pipeline!
  rake
  rspec (~> 2)
